GEM
  remote: https://rubygems.org/
  specs:
    activemodel (3.2.8)
      activesupport (= 3.2.8)
      builder (~> 3.0.0)
    activerecord (3.2.8)
      activemodel (= 3.2.8)
      activesupport (= 3.2.8)
      arel (~> 3.0.2)
      tzinfo (~> 0.3.29)
    activerecord-mysql2-adapter (0.0.3)
      mysql2
    activesupport (3.2.8)
      i18n (~> 0.6)
      multi_json (~> 1.0)
    arel (3.0.2)
    builder (3.0.0)
    daemons (1.1.9)
    eventmachine (1.0.0)
    i18n (0.6.0)
    multi_json (1.3.6)
    mysql2 (0.3.11)
    polyamorous (0.5.0)
      activerecord (~> 3.0)
    rack (1.4.1)
    rack-protection (1.2.0)
      rack
    sinatra (1.3.3)
      rack (~> 1.3, >= 1.3.6)
      rack-protection (~> 1.2)
      tilt (~> 1.3, >= 1.3.3)
    squeel (1.0.13)
      activerecord (~> 3.0)
      activesupport (~> 3.0)
      polyamorous (~> 0.5.0)
    thin (1.5.0)
      daemons (>= 1.0.9)
      eventmachine (>= 0.12.6)
      rack (>= 1.0.0)
    tilt (1.3.3)
    tzinfo (0.3.33)

PLATFORMS
  ruby

DEPENDENCIES
  activerecord
  activerecord-mysql2-adapter
  mysql2
  sinatra
  squeel
  thin
